GEM
  remote: https://rubygems.org/
  specs:
    Ascii85 (1.1.0)
    addressable (2.8.4)
      public_suffix (>= 2.0.2, < 6.0)
    afm (0.2.2)
    async (2.6.2)
      console (~> 1.10)
      fiber-annotation
      io-event (~> 1.1)
      timers (~> 4.1)
    autoprefixer-rails (9.8.6.5)
      execjs
    colorator (1.1.0)
    concurrent-ruby (1.2.2)
    console (1.18.0)
      fiber-annotation
      fiber-local
    em-websocket (0.5.3)
      eventmachine (>= 0.12.9)
      http_parser.rb (~> 0)
    ethon (0.16.0)
      ffi (>= 1.15.0)
    eventmachine (1.2.7)
    execjs (2.8.1)
    ffi (1.15.5)
    fiber-annotation (0.2.0)
    fiber-local (1.0.0)
    forwardable-extended (2.6.0)
    google-protobuf (3.23.4-x86_64-linux)
    hashery (2.1.2)
    html-proofer (5.0.7)
      addressable (~> 2.3)
      async (~> 2.1)
      nokogiri (~> 1.13)
      pdf-reader (~> 2.11)
      rainbow (~> 3.0)
      typhoeus (~> 1.3)
      yell (~> 2.0)
      zeitwerk (~> 2.5)
    http_parser.rb (0.8.0)
    i18n (1.14.1)
      concurrent-ruby (~> 1.0)
    io-event (1.2.3)
    jekyll (4.3.2)
      addressable (~> 2.4)
      colorator (~> 1.0)
      em-websocket (~> 0.5)
      i18n (~> 1.0)
      jekyll-sass-converter (>= 2.0, < 4.0)
      jekyll-watch (~> 2.0)
      kramdown (~> 2.3, >= 2.3.1)
      kramdown-parser-gfm (~> 1.0)
      liquid (~> 4.0)
      mercenary (>= 0.3.6, < 0.5)
      pathutil (~> 0.9)
      rouge (>= 3.0, < 5.0)
      safe_yaml (~> 1.0)
      terminal-table (>= 1.8, < 4.0)
      webrick (~> 1.7)
    jekyll-autoprefixer (1.0.2)
      autoprefixer-rails (~> 9.3)
    jekyll-redirect-from (0.16.0)
      jekyll (>= 3.3, < 5.0)
    jekyll-sass-converter (3.0.0)
      sass-embedded (~> 1.54)
    jekyll-watch (2.2.1)
      listen (~> 3.0)
    kramdown (2.4.0)
      rexml
    kramdown-parser-gfm (1.1.0)
      kramdown (~> 2.0)
    libv8-node (18.16.0.0-x86_64-linux)
    liquid (4.0.4)
    listen (3.8.0)
      rb-fsevent (~> 0.10, >= 0.10.3)
      rb-inotify (~> 0.9, >= 0.9.10)
    mercenary (0.4.0)
    mini_racer (0.8.0)
      libv8-node (~> 18.16.0.0)
    nokogiri (1.15.3-x86_64-linux)
      racc (~> 1.4)
    pathutil (0.16.2)
      forwardable-extended (~> 2.6)
    pdf-reader (2.11.0)
      Ascii85 (~> 1.0)
      afm (~> 0.2.1)
      hashery (~> 2.0)
      ruby-rc4
      ttfunk
    public_suffix (5.0.3)
    racc (1.7.1)
    rainbow (3.1.1)
    rake (13.0.6)
    rb-fsevent (0.11.2)
    rb-inotify (0.10.1)
      ffi (~> 1.0)
    rexml (3.2.5)
    rouge (4.1.2)
    ruby-rc4 (0.1.5)
    safe_yaml (1.0.5)
    sass-embedded (1.64.1-x86_64-linux-gnu)
      google-protobuf (~> 3.23)
    terminal-table (3.0.2)
      unicode-display_width (>= 1.1.1, < 3)
    timers (4.3.5)
    ttfunk (1.7.0)
    typhoeus (1.4.0)
      ethon (>= 0.9.0)
    unicode-display_width (2.4.2)
    uswds-jekyll (5.5.0)
      jekyll (>= 4.0, < 5)
      jekyll-autoprefixer
      mini_racer
    webrick (1.8.1)
    yell (2.2.2)
    zeitwerk (2.6.9)

PLATFORMS
  x86_64-linux

DEPENDENCIES
  html-proofer (>= 3.18.0)
  jekyll (>= 4.1.1)
  jekyll-redirect-from (>= 0.16.0)
  mini_racer
  rake
  uswds-jekyll (~> 5.4)

BUNDLED WITH
   2.4.17
